PATH
  remote: .
  specs:
    bump (0.6.0)

GEM
  remote: https://rubygems.org/
  specs:
    byebug (8.2.0)
    diff-lcs (1.1.3)
    rake (10.0.2)
    rspec (2.11.0)
      rspec-core (~> 2.11.0)
      rspec-expectations (~> 2.11.0)
      rspec-mocks (~> 2.11.0)
    rspec-core (2.11.1)
    rspec-expectations (2.11.3)
      diff-lcs (~> 1.1.3)
    rspec-mocks (2.11.3)

PLATFORMS
  ruby

DEPENDENCIES
  bump!
  byebug
  rake (~> 10.0.0)
  rspec (~> 2.0)

BUNDLED WITH
   1.12.3
